GEM
  remote: https://rubygems.org/
  specs:
    addressable (2.8.1)
      public_suffix (>= 2.0.2, < 6.0)
    domain_name (0.5.20190701)
      unf (>= 0.0.5, < 1.0.0)
    envyable (1.2.0)
      thor (>= 0.18.1, < 2.0)
    faraday (2.6.0)
      faraday-net_http (>= 2.0, < 3.1)
      ruby2_keywords (>= 0.0.4)
    faraday-multipart (1.0.4)
      multipart-post (~> 2)
    faraday-net_http (3.0.1)
    ffi (1.15.5)
    ffi-compiler (1.0.1)
      ffi (>= 1.0.0)
      rake
    http (5.1.0)
      addressable (~> 2.8)
      http-cookie (~> 1.0)
      http-form_data (~> 2.2)
      llhttp-ffi (~> 0.4.0)
    http-cookie (1.0.5)
      domain_name (~> 0.5)
    http-form_data (2.3.0)
    llhttp-ffi (0.4.0)
      ffi-compiler (~> 1.0)
      rake (~> 13.0)
    multi_json (1.15.0)
    multipart-post (2.2.3)
    mustermann (3.0.0)
      ruby2_keywords (~> 0.0.1)
    nio4r (2.5.8)
    oj (3.13.21)
    public_suffix (5.0.0)
    puma (6.0.0)
      nio4r (~> 2.0)
    rack (2.2.4)
    rack-protection (3.0.2)
      rack
    rake (13.0.6)
    ruby2_keywords (0.0.5)
    sinatra (3.0.2)
      mustermann (~> 3.0)
      rack (~> 2.2, >= 2.2.4)
      rack-protection (= 3.0.2)
      tilt (~> 2.0)
    sinatra-contrib (3.0.2)
      multi_json
      mustermann (~> 3.0)
      rack-protection (= 3.0.2)
      sinatra (= 3.0.2)
      tilt (~> 2.0)
    sorbet (0.5.10511)
      sorbet-static (= 0.5.10511)
    sorbet-runtime (0.5.10511)
    sorbet-static (0.5.10511-x86_64-linux)
    thor (1.2.1)
    tilt (2.0.11)
    unf (0.1.4)
      unf_ext
    unf_ext (0.0.8.2)
    whatsapp_sdk (0.6.2)
      faraday (>= 2.3.0)
      faraday-multipart (~> 1.0.4)
      oj (~> 3.13.13)
      sorbet
      sorbet-runtime
      zeitwerk (~> 2.6.0)
    zeitwerk (2.6.1)

PLATFORMS
  x86_64-linux

DEPENDENCIES
  envyable (~> 1.2)
  http (~> 5.1)
  puma
  sinatra (~> 3.0)
  sinatra-contrib
  whatsapp_sdk

BUNDLED WITH
   2.3.19
